PATH
  remote: .
  specs:
    newrelic_centralized_sidekiq_agent (1.0.1)
      newrelic_plugin (= 1.0.3)
      sidekiq (>= 2.12.1)

GEM
  remote: https://rubygems.org/
  specs:
    celluloid (0.14.1)
      timers (>= 1.0.0)
    connection_pool (1.1.0)
    faraday (0.8.8)
      multipart-post (~> 1.2.0)
    json (1.8.0)
    multipart-post (1.2.0)
    newrelic_plugin (1.0.3)
      faraday (>= 0.8.1)
      json
    rake (10.1.0)
    redis (3.0.4)
    redis-namespace (1.3.1)
      redis (~> 3.0.0)
    sidekiq (2.13.0)
      celluloid (>= 0.14.1)
      connection_pool (>= 1.0.0)
      json
      redis (>= 3.0)
      redis-namespace
    timers (1.1.0)

PLATFORMS
  ruby

DEPENDENCIES
  newrelic_centralized_sidekiq_agent!
  rake
